PATH
  remote: .
  specs:
    arbac_verifier (1.1.2)
      concurrent-ruby (~> 1.3)
      sorbet-runtime-stub (~> 0.2)

GEM
  remote: https://rubygems.org/
  specs:
    concurrent-ruby (1.3.4)
    diff-lcs (1.5.1)
    docile (1.4.1)
    erubi (1.13.1)
    netrc (0.11.0)
    parallel (1.26.3)
    prism (1.3.0)
    rbi (0.2.2)
      prism (~> 1.0)
      sorbet-runtime (>= 0.5.9204)
    rexml (3.4.0)
    rspec (3.13.0)
      rspec-core (~> 3.13.0)
      rspec-expectations (~> 3.13.0)
      rspec-mocks (~> 3.13.0)
    rspec-core (3.13.2)
      rspec-support (~> 3.13.0)
    rspec-expectations (3.13.3)
      diff-lcs (>= 1.2.0, < 2.0)
      rspec-support (~> 3.13.0)
    rspec-mocks (3.13.2)
      diff-lcs (>= 1.2.0, < 2.0)
      rspec-support (~> 3.13.0)
    rspec-support (3.13.2)
    simplecov (0.22.0)
      docile (~> 1.1)
      simplecov-html (~> 0.11)
      simplecov_json_formatter (~> 0.1)
    simplecov-cobertura (2.1.0)
      rexml
      simplecov (~> 0.19)
    simplecov-html (0.13.1)
    simplecov_json_formatter (0.1.4)
    sorbet (0.5.11718)
      sorbet-static (= 0.5.11718)
    sorbet-runtime (0.5.11718)
    sorbet-runtime-stub (0.2.0)
    sorbet-static (0.5.11718-universal-darwin)
    sorbet-static-and-runtime (0.5.11718)
      sorbet (= 0.5.11718)
      sorbet-runtime (= 0.5.11718)
    spoom (1.5.0)
      erubi (>= 1.10.0)
      prism (>= 0.28.0)
      sorbet-static-and-runtime (>= 0.5.10187)
      thor (>= 0.19.2)
    tapioca (0.16.5)
      bundler (>= 2.2.25)
      netrc (>= 0.11.0)
      parallel (>= 1.21.0)
      rbi (~> 0.2)
      sorbet-static-and-runtime (>= 0.5.11087)
      spoom (>= 1.2.0)
      thor (>= 1.2.0)
      yard-sorbet
    thor (1.3.2)
    yard (0.9.37)
    yard-sorbet (0.9.0)
      sorbet-runtime
      yard

PLATFORMS
  arm64-darwin-22

DEPENDENCIES
  arbac_verifier!
  concurrent-ruby (~> 1.3, >= 1.3.3)
  rspec (~> 3.12)
  simplecov
  simplecov-cobertura
  sorbet
  sorbet-runtime
  tapioca

BUNDLED WITH
   2.3.7
